GEM
  remote: https://rubygems.org/
  specs:
    i18n (0.6.11)
    mime-types (2.3)
    netrc (0.7.7)
    rack (1.5.2)
    rack-protection (1.5.3)
      rack
    rest-client (1.7.2)
      mime-types (>= 1.16, < 3.0)
      netrc (~> 0.7)
    sinatra (1.4.5)
      rack (~> 1.4)
      rack-protection (~> 1.4)
      tilt (~> 1.3, >= 1.3.4)
    tilt (1.4.1)
    validates_email_format_of (1.6.1)
      i18n

PLATFORMS
  ruby

DEPENDENCIES
  rack
  rest-client
  sinatra
  validates_email_format_of
